GEM
  remote: https://rubygems.org/
  specs:
    ast (2.4.2)
    csv (3.1.9)
    gruff (0.12.1)
      histogram
      rmagick
    histogram (0.2.4.1)
    parallel (1.20.1)
    parser (3.0.0.0)
      ast (~> 2.4.1)
    rainbow (3.0.0)
    regexp_parser (2.0.3)
    rexml (3.2.4)
    rmagick (4.2.1)
    rubocop (1.9.1)
      parallel (~> 1.10)
      parser (>= 3.0.0.0)
      rainbow (>= 2.2.2, < 4.0)
      regexp_parser (>= 1.8, < 3.0)
      rexml
      rubocop-ast (>= 1.2.0, < 2.0)
      ruby-progressbar (~> 1.7)
      unicode-display_width (>= 1.4.0, < 3.0)
    rubocop-ast (1.4.1)
      parser (>= 2.7.1.5)
    ruby-progressbar (1.11.0)
    unicode-display_width (2.0.0)

PLATFORMS
  x86_64-darwin-20

DEPENDENCIES
  csv
  gruff
  rubocop (~> 1.9)

RUBY VERSION
   ruby 2.7.2p137

BUNDLED WITH
   2.2.9
